GEM
  remote: https://rubygems.org/
  specs:
    docker-api (1.34.2)
      excon (>= 0.47.0)
      multi_json
    excon (0.64.0)
    multi_json (1.13.1)

PLATFORMS
  ruby

DEPENDENCIES
  docker-api

BUNDLED WITH
   1.17.2
